GEM
  remote: http://rubygems.org/
  specs:
    rugged (0.16.0)

PLATFORMS
  ruby

DEPENDENCIES
  rugged
